GEM
  remote: https://rubygems.org/
  specs:
    faker (1.3.0)
      i18n (~> 0.5)
    i18n (0.6.9)
    pg (1.2.3)
    sequel (4.11.0)

PLATFORMS
  ruby

DEPENDENCIES
  faker
  pg
  sequel

BUNDLED WITH
   2.2.3
